GEM
  remote: http://rubygems.org/
  specs:
    mysql (2.8.1)
    sequel (3.21.0)

PLATFORMS
  ruby

DEPENDENCIES
  mysql
  sequel
